PATH
  remote: .
  specs:
    froala-editor-sdk (1.2.0)
      mime-types (~> 3.1)
      mini_magick (~> 4.5)
      wysiwyg-rails (~> 4.0.9)

GEM
  remote: https://rubygems.org/
  specs:
    actionpack (6.1.4.6)
      actionview (= 6.1.4.6)
      activesupport (= 6.1.4.6)
      rack (~> 2.0, >= 2.0.9)
      rack-test (>= 0.6.3)
      rails-dom-testing (~> 2.0)
      rails-html-sanitizer (~> 1.0, >= 1.2.0)
    actionview (6.1.4.6)
      activesupport (= 6.1.4.6)
      builder (~> 3.1)
      erubi (~> 1.4)
      rails-dom-testing (~> 2.0)
      rails-html-sanitizer (~> 1.1, >= 1.2.0)
    activesupport (6.1.4.6)
      concurrent-ruby (~> 1.0, >= 1.0.2)
      i18n (>= 1.6, < 2)
      minitest (>= 5.1)
      tzinfo (~> 2.0)
      zeitwerk (~> 2.3)
    builder (3.2.4)
    concurrent-ruby (1.1.9)
    crass (1.0.6)
    erubi (1.10.0)
    i18n (1.9.1)
      concurrent-ruby (~> 1.0)
    loofah (2.14.0)
      crass (~> 1.0.2)
      nokogiri (>= 1.5.9)
    method_source (1.0.0)
    mime-types (3.2.2)
      mime-types-data (~> 3.2015)
    mime-types-data (3.2018.0812)
    mini_magick (4.9.2)
    mini_portile2 (2.7.1)
    minitest (5.15.0)
    nokogiri (1.13.1)
      mini_portile2 (~> 2.7.0)
      racc (~> 1.4)
    nokogiri (1.13.1-x64-mingw32)
      racc (~> 1.4)
    racc (1.6.0)
    rack (2.2.3)
    rack-test (1.1.0)
      rack (>= 1.0, < 3)
    rails-dom-testing (2.0.3)
      activesupport (>= 4.2.0)
      nokogiri (>= 1.6)
    rails-html-sanitizer (1.4.2)
      loofah (~> 2.3)
    railties (6.1.4.6)
      actionpack (= 6.1.4.6)
      activesupport (= 6.1.4.6)
      method_source
      rake (>= 0.13)
      thor (~> 1.0)
    rake (13.0.6)
    thor (1.2.1)
    tzinfo (2.0.4)
      concurrent-ruby (~> 1.0)
    wysiwyg-rails (4.0.9)
      railties (>= 3.2.7, < 7.0)
    zeitwerk (2.5.4)

PLATFORMS
  ruby
  x64-mingw32

DEPENDENCIES
  froala-editor-sdk!

BUNDLED WITH
   2.0.1
